GEM
  remote: https://rubygems.org/
  specs:
    base64 (0.2.0)
    bigdecimal (3.1.8)

PLATFORMS
  arm64-darwin-23
  ruby
  x86_64-linux

DEPENDENCIES
  base64
  bigdecimal

RUBY VERSION
   ruby 3.3.5p100

BUNDLED WITH
   2.5.7
